GEM
  remote: https://rubygems.org/
  specs:
    blankslate (2.1.2.4)
    dante (0.1.5)
    diff-lcs (1.2.4)
    gcm (0.0.4)
      httparty
      json
    httparty (0.11.0)
      multi_json (~> 1.0)
      multi_xml (>= 0.5.2)
    json (1.8.0)
    multi_json (1.8.0)
    multi_xml (0.5.5)
    net-http-server (0.2.2)
      parslet (~> 1.0)
    parslet (1.5.0)
      blankslate (~> 2.0)
    rack (1.5.2)
    rspec (2.14.1)
      rspec-core (~> 2.14.0)
      rspec-expectations (~> 2.14.0)
      rspec-mocks (~> 2.14.0)
    rspec-core (2.14.5)
    rspec-expectations (2.14.3)
      diff-lcs (>= 1.1.3, < 2.0)
    rspec-mocks (2.14.3)
    serialport (1.1.0)
    sqlite3 (1.3.8)

PLATFORMS
  ruby

DEPENDENCIES
  dante
  gcm
  json
  net-http-server
  rack
  rspec
  serialport
  sqlite3
